GIT
  remote: git://github.com/jvaill/sprockets.git
  revision: 6327a13e77609991509c8cf3d3c1e571f6a4b23d
  branch: master
  specs:
    sprockets (2.9.2)
      hike (~> 1.2)
      multi_json (~> 1.0)
      rack (~> 1.0)
      tilt (~> 1.1, != 1.3.0)

GIT
  remote: git://github.com/jvatic/marbles-js.git
  revision: 639465fb05df9a439c49d4315f388ab636fd7275
  branch: master
  specs:
    marbles-js (0.0.4)

GIT
  remote: git://github.com/jvatic/raven-js-sprockets.git
  revision: 4e8688e498d56fccf6ae58f44cda7f9812c1ad9a
  branch: master
  specs:
    raven-js (0.0.3)

GIT
  remote: git://github.com/jvatic/static-sprockets.git
  revision: 76233c47fef5791899b7a435391174b5ab58e7bb
  branch: master
  specs:
    static-sprockets (0.0.1)
      rack (~> 1.0)
      rack-putty (= 0.0.1)
      sass
      sprockets (~> 2.0)
      sprockets-helpers
      sprockets-rainpress
      sprockets-sass
      uglifier

GIT
  remote: git://github.com/tent/marbles-tent-client-js.git
  revision: 9c7550ada0006a8857a235d9f33bad6283f5ad22
  branch: master
  specs:
    marbles-tent-client-js (0.0.2)

GIT
  remote: git://github.com/tent/rack-putty.git
  revision: ebb5a62dc895ce0b73fa6cd3dda330226f42beb9
  branch: master
  specs:
    rack-putty (0.0.1)
      rack-mount (~> 0.8.3)

GEM
  remote: https://rubygems.org/
  specs:
    execjs (2.0.2)
    hike (1.2.3)
    json (1.8.1)
    multi_json (1.8.4)
    puma (2.7.1)
      rack (>= 1.1, < 2.0)
    rack (1.5.2)
    rack-mount (0.8.3)
      rack (>= 1.0.0)
    rainpress (1.0)
    rake (10.1.1)
    sass (3.2.13)
    sprockets-helpers (0.9.1)
      sprockets (~> 2.0)
    sprockets-rainpress (0.0.1)
      rainpress
      sprockets
    sprockets-sass (0.9.1)
      sprockets (~> 2.0)
      tilt (~> 1.1)
    tilt (1.4.1)
    uglifier (2.4.0)
      execjs (>= 0.3.0)
      json (>= 1.8.0)
    yajl-ruby (1.2.0)

PLATFORMS
  ruby

DEPENDENCIES
  marbles-js!
  marbles-tent-client-js!
  puma
  rack-putty!
  rake
  raven-js!
  sprockets (~> 2.0)!
  static-sprockets!
  yajl-ruby
